GEM
  remote: https://rubygems.org/
  specs:
    json (2.3.1)
    rack (2.1.4)
    rake (10.3.0)
    travis-lint (2.0.0)
      json

PLATFORMS
  ruby

DEPENDENCIES
  rack
  rake
  travis-lint
