GEM
  remote: https://rubygems.org/
  specs:
    json (1.8.1)
    rack (1.6.11)
    rake (10.3.0)
    travis-lint (2.0.0)
      json

PLATFORMS
  ruby

DEPENDENCIES
  rack
  rake
  travis-lint
