GEM
  remote: https://rubygems.org/
  specs:
    json (2.3.1)
    rack (2.2.8.1)
    rake (12.3.3)
    travis-lint (2.0.0)
      json

PLATFORMS
  ruby

DEPENDENCIES
  rack
  rake
  travis-lint
